PATH
  remote: .
  specs:
    async-grpc (0.1)
      async-container (= 0.14)
      async-http
      google-protobuf

GEM
  remote: https://rubygems.org/
  specs:
    async (1.24.1)
      console (~> 1.0)
      nio4r (~> 2.3)
      timers (~> 4.1)
    async-container (0.14.0)
      async (~> 1.0)
      async-io (~> 1.4)
      process-group
    async-http (0.50.0)
      async (~> 1.23)
      async-io (~> 1.27.0)
      async-pool (~> 0.2)
      protocol-http (~> 0.13.0)
      protocol-http1 (~> 0.10.0)
      protocol-http2 (~> 0.10.0)
    async-io (1.27.1)
      async (~> 1.14)
    async-pool (0.2.0)
      async (~> 1.8)
    async-rspec (1.14.0)
      rspec (~> 3.0)
      rspec-files (~> 1.0)
      rspec-memory (~> 1.0)
    coderay (1.1.2)
    console (1.7.0)
    diff-lcs (1.3)
    ffi (1.11.3)
    google-protobuf (3.11.2)
    googleapis-common-protos-types (1.0.4)
      google-protobuf (~> 3.0)
    grpc (1.26.0)
      google-protobuf (~> 3.8)
      googleapis-common-protos-types (~> 1.0)
    method_source (0.9.2)
    nio4r (2.5.2)
    process-group (1.2.1)
      process-terminal (~> 0.2.0)
    process-terminal (0.2.0)
      ffi
    protocol-hpack (1.4.1)
    protocol-http (0.13.0)
    protocol-http1 (0.10.0)
      protocol-http (~> 0.13)
    protocol-http2 (0.10.4)
      protocol-hpack (~> 1.4)
      protocol-http (~> 0.2)
    pry (0.12.2)
      coderay (~> 1.1.0)
      method_source (~> 0.9.0)
    rake (10.5.0)
    rspec (3.9.0)
      rspec-core (~> 3.9.0)
      rspec-expectations (~> 3.9.0)
      rspec-mocks (~> 3.9.0)
    rspec-core (3.9.1)
      rspec-support (~> 3.9.1)
    rspec-expectations (3.9.0)
      diff-lcs (>= 1.2.0, < 2.0)
      rspec-support (~> 3.9.0)
    rspec-files (1.0.2)
      rspec (~> 3.0)
    rspec-memory (1.0.1)
      rspec (~> 3.0)
    rspec-mocks (3.9.1)
      diff-lcs (>= 1.2.0, < 2.0)
      rspec-support (~> 3.9.0)
    rspec-support (3.9.2)
    timers (4.3.0)

PLATFORMS
  ruby

DEPENDENCIES
  async-grpc!
  async-rspec
  bundler (~> 2.0)
  grpc
  pry
  rake (~> 10.0)
  rspec (~> 3.0)

BUNDLED WITH
   2.0.1
